PATH
  remote: .
  specs:
    activerecord_partitioning (0.1.3)
      activerecord (= 2.3.18)

GEM
  remote: https://rubygems.org/
  specs:
    activerecord (2.3.18)
      activesupport (= 2.3.18)
    activesupport (2.3.18)
    rake (10.1.0)
    sqlite3 (1.3.8)

PLATFORMS
  ruby

DEPENDENCIES
  activerecord_partitioning!
  rake
  sqlite3
